PATH
  remote: .
  specs:
    Pied_Piper (0.1.0)

GEM
  remote: https://rubygems.org/
  specs:
    coderay (1.1.2)
    method_source (0.9.0)
    mini_portile2 (2.5.1)
    nokogiri (1.11.4)
      mini_portile2 (~> 2.5.0)
      racc (~> 1.4)
    pry (0.11.3)
      coderay (~> 1.1.0)
      method_source (~> 0.9.0)
    racc (1.5.2)
    rake (10.5.0)

PLATFORMS
  ruby

DEPENDENCIES
  Pied_Piper!
  bundler (~> 1.16)
  nokogiri (>= 1.8.5)
  pry
  rake (~> 10.0)

BUNDLED WITH
   1.17.3
